GEM
  remote: http://rubygems.org/
  specs:
    coderay (1.0.9)
    diff-lcs (1.2.1)
    ffi (1.2.1)
    growl (1.0.3)
    guard (1.5.4)
      listen (>= 0.4.2)
      lumberjack (>= 1.0.2)
      pry (>= 0.9.10)
      thor (>= 0.14.6)
    guard-rspec (2.5.1)
      guard (>= 1.1)
      rspec (~> 2.11)
    guard-shotgun (0.2.0)
      ffi (~> 1.2.0)
      guard (~> 1.5.4)
      spoon (~> 0.0.1)
    json (1.7.7)
    kramdown (0.14.0)
    listen (0.7.3)
    lumberjack (1.0.3)
    markdown (1.0.0)
      kramdown (>= 0.13.7)
      props (>= 1.0.0)
      textutils (>= 0.2.0)
    method_source (0.8.1)
    props (1.0.0)
    pry (0.9.12)
      coderay (~> 1.0.5)
      method_source (~> 0.8)
      slop (~> 3.4)
    rack (1.5.2)
    rack-protection (1.5.0)
      rack
    rake (10.0.4)
    rb-fchange (0.0.6)
      ffi
    rb-fsevent (0.9.3)
    rb-inotify (0.9.0)
      ffi (>= 0.5.0)
    roodi (2.2.0)
      ruby_parser (~> 2.3.0)
    rspec (2.13.0)
      rspec-core (~> 2.13.0)
      rspec-expectations (~> 2.13.0)
      rspec-mocks (~> 2.13.0)
    rspec-core (2.13.1)
    rspec-expectations (2.13.0)
      diff-lcs (>= 1.1.3, < 2.0)
    rspec-mocks (2.13.0)
    rspec-spies (2.1.4)
      rspec (~> 2.0)
    ruby_parser (2.3.1)
      sexp_processor (~> 3.0)
    sexp_processor (3.2.0)
    sinatra (1.4.2)
      rack (~> 1.5, >= 1.5.2)
      rack-protection (~> 1.4)
      tilt (~> 1.3, >= 1.3.4)
    slop (3.4.4)
    spoon (0.0.1)
    textutils (0.2.0)
    thor (0.18.0)
    tilt (1.3.6)

PLATFORMS
  ruby

DEPENDENCIES
  growl
  guard
  guard-rspec
  guard-shotgun
  json
  markdown
  pry
  rack
  rake
  rb-fchange
  rb-fsevent
  rb-inotify
  roodi
  rspec
  rspec-spies
  sinatra
